GEM
  remote: http://rubygems.org/
  specs:
    addressable (2.2.2)
    crack (0.1.8)
    diff-lcs (1.1.2)
    haml (3.0.24)
    hashie (0.4.0)
    rack (1.2.1)
    rack-test (0.5.6)
      rack (>= 1.0)
    rr (1.0.2)
    rspec (2.2.0)
      rspec-core (~> 2.2)
      rspec-expectations (~> 2.2)
      rspec-mocks (~> 2.2)
    rspec-core (2.2.1)
    rspec-expectations (2.2.0)
      diff-lcs (~> 1.1.2)
    rspec-mocks (2.2.0)
    sinatra (1.1.0)
      rack (~> 1.1)
      tilt (~> 1.1)
    tapp (1.0.0)
    tilt (1.1)
    webmock (1.6.1)
      addressable (>= 2.2.2)
      crack (>= 0.1.7)
    yajl-ruby (0.7.8)

PLATFORMS
  ruby

DEPENDENCIES
  haml
  hashie
  rack-test
  rr
  rspec
  sinatra
  tapp
  webmock
  yajl-ruby
