GIT
  remote: git://github.com/astrails/http_require.git
  revision: 0f5585f80b7d0a62375cf1f4d312862144482144
  specs:
    http_require (0.0.1)

GEM
  remote: http://rubygems.org/
  specs:
    addressable (2.2.4)
    crack (0.1.8)
    diff-lcs (1.1.2)
    haml (3.0.25)
    hashie (1.0.0)
    rack (1.2.1)
    rack-test (0.5.7)
      rack (>= 1.0)
    rr (1.0.2)
    rspec (2.5.0)
      rspec-core (~> 2.5.0)
      rspec-expectations (~> 2.5.0)
      rspec-mocks (~> 2.5.0)
    rspec-core (2.5.1)
    rspec-expectations (2.5.0)
      diff-lcs (~> 1.1.2)
    rspec-mocks (2.5.0)
    sinatra (1.1.3)
      rack (~> 1.1)
      tilt (>= 1.2.2, < 2.0)
    tapp (1.0.0)
    tilt (1.2.2)
    webmock (1.6.2)
      addressable (>= 2.2.2)
      crack (>= 0.1.7)
    yajl-ruby (0.8.1)

PLATFORMS
  ruby

DEPENDENCIES
  haml
  hashie
  http_require!
  rack-test
  rr
  rspec
  sinatra
  tapp
  webmock
  yajl-ruby
