GEM
  remote: http://rubygems.org/
  specs:
    rack (1.2.1)
    sinatra (1.1.0)
      rack (~> 1.1)
      tilt (~> 1.1)
    tapp (1.0.0)
    tilt (1.1)
    yajl-ruby (0.7.8)

PLATFORMS
  ruby

DEPENDENCIES
  sinatra
  tapp
  yajl-ruby
